PATH
  remote: .
  specs:
    roaring (0.3.0)

GEM
  remote: https://rubygems.org/
  specs:
    benchmark-ips (2.13.0)
    debug (1.6.2)
      irb (>= 1.3.6)
      reline (>= 0.3.1)
    forwardable (1.3.2)
    io-console (0.5.11)
    irb (1.4.1)
      reline (>= 0.3.0)
    minitest (5.16.3)
    prime (0.1.2)
      forwardable
      singleton
    rake (13.0.6)
    rake-compiler (1.2.0)
      rake
    reline (0.3.1)
      io-console (~> 0.5)
    singleton (0.1.1)
    yard (0.9.36)

PLATFORMS
  arm64-darwin-23
  arm64-darwin-24
  ruby
  x86_64-linux

DEPENDENCIES
  benchmark-ips
  debug
  minitest (~> 5.0)
  prime
  rake (~> 13.0)
  rake-compiler
  roaring!
  yard

BUNDLED WITH
   2.3.4
