PATH
  remote: .
  specs:
    roaring (0.1.0)

GEM
  remote: https://rubygems.org/
  specs:
    debug (1.6.2)
      irb (>= 1.3.6)
      reline (>= 0.3.1)
    forwardable (1.3.2)
    io-console (0.5.11)
    irb (1.4.1)
      reline (>= 0.3.0)
    minitest (5.15.0)
    prime (0.1.2)
      forwardable
      singleton
    rake (13.0.6)
    rake-compiler (1.2.0)
      rake
    reline (0.3.1)
      io-console (~> 0.5)
    singleton (0.1.1)

PLATFORMS
  x86_64-linux

DEPENDENCIES
  debug
  minitest (~> 5.0)
  prime
  rake (~> 13.0)
  rake-compiler
  roaring!

BUNDLED WITH
   2.3.4
